GIT
  remote: git@gitlab.com:microservices-from-day-one/service_discovery.git
  revision: 1af3a2e9e6ee7d399563f0404d2f23764c69dd3c
  specs:
    service_discovery (0.0.1)
      consul-client (~> 0)

GEM
  remote: https://rubygems.org/
  specs:
    builder (3.2.2)
    byebug (8.2.1)
    consul-client (0.1.2)
    cucumber (2.1.0)
      builder (>= 2.1.2)
      cucumber-core (~> 1.3.0)
      diff-lcs (>= 1.1.3)
      gherkin3 (~> 3.1.0)
      multi_json (>= 1.7.5, < 2.0)
      multi_test (>= 0.1.2)
    cucumber-core (1.3.1)
      gherkin3 (~> 3.1.0)
    diff-lcs (1.2.5)
    faraday (0.9.2)
      multipart-post (>= 1.2, < 3)
    gherkin3 (3.1.2)
    minitest (5.8.3)
    multi_json (1.11.2)
    multi_test (0.1.2)
    multipart-post (2.0.0)

PLATFORMS
  ruby

DEPENDENCIES
  byebug!
  cucumber!
  faraday!
  minitest!
  service_discovery!

BUNDLED WITH
   1.12.4
